GEM
  remote: https://rubygems.org/
  specs:
    crack (0.4.1)
      safe_yaml (~> 0.9.0)
    hipchat (0.8.0)
      httparty
      httparty
    httparty (0.10.2)
      multi_json (~> 1.0)
      multi_xml (>= 0.5.2)
    json (1.8.0)
    kgio (2.8.0)
    mime-types (1.23)
    multi_json (1.7.1)
    multi_xml (0.5.3)
    rack (1.5.2)
    rack-protection (1.5.0)
      rack
    raindrops (0.11.0)
    rest-client (1.6.7)
      mime-types (>= 1.16)
    ruby-fogbugz (0.1.1)
      crack
    safe_yaml (0.9.5)
    sinatra (1.4.2)
      rack (~> 1.5, >= 1.5.2)
      rack-protection (~> 1.4)
      tilt (~> 1.3, >= 1.3.4)
    tilt (1.4.1)
    unicorn (4.6.2)
      kgio (~> 2.6)
      rack
      raindrops (~> 0.7)

PLATFORMS
  ruby

DEPENDENCIES
  hipchat
  json
  rest-client
  ruby-fogbugz
  sinatra
  unicorn
